PATH
  remote: .
  specs:
    repsheet_visualizer (0.1.3)
      geoip
      json
      redis
      sinatra

GEM
  remote: https://rubygems.org/
  specs:
    geoip (1.2.1)
    json (1.8.0)
    kgio (2.8.0)
    rack (1.5.2)
    rack-protection (1.5.0)
      rack
    raindrops (0.11.0)
    rake (10.0.4)
    redis (3.0.4)
    sinatra (1.4.2)
      rack (~> 1.5, >= 1.5.2)
      rack-protection (~> 1.4)
      tilt (~> 1.3, >= 1.3.4)
    tilt (1.4.1)
    unicorn (4.6.2)
      kgio (~> 2.6)
      rack
      raindrops (~> 0.7)

PLATFORMS
  ruby

DEPENDENCIES
  bundler
  rake
  repsheet_visualizer!
  unicorn
