PATH
  remote: .
  specs:
    repsheet_visualizer (0.0.1)
      json (= 1.7.7)
      redis (= 3.0.3)
      sinatra (= 1.4.1)

GEM
  remote: https://rubygems.org/
  specs:
    json (1.7.7)
    kgio (2.8.0)
    rack (1.5.2)
    rack-protection (1.5.0)
      rack
    raindrops (0.11.0)
    rake (10.0.4)
    redis (3.0.3)
    sinatra (1.4.1)
      rack (~> 1.5, >= 1.5.2)
      rack-protection (~> 1.4)
      tilt (~> 1.3, >= 1.3.4)
    tilt (1.4.1)
    unicorn (4.6.2)
      kgio (~> 2.6)
      rack
      raindrops (~> 0.7)

PLATFORMS
  ruby

DEPENDENCIES
  bundler (~> 1.3)
  rake (~> 10.0.4)
  repsheet_visualizer!
  unicorn (~> 4.6.2)
